PATH
  remote: .
  specs:
    ruby-ethereum (0.9.1)
      bitcoin-secp256k1 (~> 0.3)
      block_logger (~> 0.1)
      digest-sha3 (~> 1.1)
      ethash (~> 0.2)
      ffi (~> 1.9)
      lru_redux (~> 1.1)
      rlp (~> 0.6)

GEM
  remote: https://rubygems.org/
  specs:
    bitcoin-secp256k1 (0.3.0)
      ffi (>= 1.9.10)
    block_logger (0.1.0)
      logging (~> 2.0)
    digest-sha3 (1.1.0)
    ethash (0.2.0)
    ffi (1.9.10)
    little-plugger (1.1.4)
    logging (2.1.0)
      little-plugger (~> 1.1)
      multi_json (~> 1.10)
    lru_redux (1.1.0)
    minitest (5.8.3)
    multi_json (1.11.2)
    rake (10.5.0)
    rlp (0.7.1)
    serpent (0.3.0)
    yard (0.8.7.6)

PLATFORMS
  ruby

DEPENDENCIES
  minitest (= 5.8.3)
  rake (~> 10.5)
  ruby-ethereum!
  serpent (~> 0.3)
  yard (= 0.8.7.6)

BUNDLED WITH
   1.11.2
