PATH
  remote: ../ruby-rlp
  specs:
    rlp (0.5.3)

PATH
  remote: .
  specs:
    ruby-ethereum (0.0.1)
      digest-sha3 (~> 1.1.0)
      logging (~> 2.0.0)
      rlp (~> 0.5.2)

GEM
  remote: https://ruby.taobao.org/
  specs:
    coderay (1.1.0)
    digest-sha3 (1.1.0)
    ffi (1.9.10)
    little-plugger (1.1.4)
    logging (2.0.0)
      little-plugger (~> 1.1)
      multi_json (~> 1.10)
    method_source (0.8.2)
    minitest (5.8.3)
    multi_json (1.11.2)
    pry (0.10.3)
      coderay (~> 1.1.0)
      method_source (~> 0.8.1)
      slop (~> 3.4)
    rake (10.5.0)
    slop (3.6.0)
    yard (0.8.7.6)

PLATFORMS
  ruby

DEPENDENCIES
  ffi (~> 1.9.10)
  minitest (= 5.8.3)
  pry
  rake (~> 10.5.0)
  rlp!
  ruby-ethereum!
  yard (= 0.8.7.6)

BUNDLED WITH
   1.11.2
