PATH
  remote: ../ruby-rlp
  specs:
    rlp (0.7.0)

PATH
  remote: .
  specs:
    ruby-ethereum (0.0.1)
      digest-sha3 (~> 1.1)
      ethash (~> 0.2)
      ffi (>= 1.9.10)
      logging (~> 2.0)
      lru_redux (~> 1.1)
      rlp (~> 0.7)

GEM
  remote: https://rubygems.org/
  specs:
    byebug (8.2.2)
    coderay (1.1.0)
    digest-sha3 (1.1.0)
    ethash (0.2.0)
    ffi (1.9.10)
    little-plugger (1.1.4)
    logging (2.1.0)
      little-plugger (~> 1.1)
      multi_json (~> 1.10)
    lru_redux (1.1.0)
    method_source (0.8.2)
    minitest (5.8.3)
    multi_json (1.11.2)
    pry (0.10.3)
      coderay (~> 1.1.0)
      method_source (~> 0.8.1)
      slop (~> 3.4)
    pry-byebug (3.3.0)
      byebug (~> 8.0)
      pry (~> 0.10)
    rake (10.5.0)
    serpent (0.3.0)
    slop (3.6.0)
    yard (0.8.7.6)

PLATFORMS
  ruby

DEPENDENCIES
  minitest (= 5.8.3)
  pry
  pry-byebug (>= 2.0.0)
  rake (~> 10.5)
  rlp!
  ruby-ethereum!
  serpent (>= 0.3.0)
  yard (= 0.8.7.6)

BUNDLED WITH
   1.11.2
