PATH
  remote: .
  specs:
    ruby-ethereum (0.0.1)
      digest-sha3 (~> 1.1.0)
      rlp (~> 0.5.2)

GEM
  remote: https://rubygems.org/
  specs:
    digest-sha3 (1.1.0)
    minitest (5.8.3)
    rake (10.5.0)
    rlp (0.5.2)
    yard (0.8.7.6)

PLATFORMS
  ruby

DEPENDENCIES
  minitest (= 5.8.3)
  rake (~> 10.5.0)
  ruby-ethereum!
  yard (= 0.8.7.6)

BUNDLED WITH
   1.11.2
